GEM
  remote: https://rubygems.org/
  specs:
    highline (1.7.2)
    net-ssh (2.9.2)

PLATFORMS
  ruby

DEPENDENCIES
  highline
  net-ssh
